PATH
  remote: .
  specs:
    papyrus (0.1.0)

PATH
  remote: ~/code/github/forks/guard-rocco
  specs:
    guard-rocco (0.0.4)
      guard (>= 0.4.0)
      rocco

PATH
  remote: ~/code/github/forks/rocco
  specs:
    rocco (0.8.2)
      mustache
      pygments.rb
      redcarpet (~> 2)

GEM
  remote: http://rubygems.org/
  specs:
    diff-lcs (1.1.3)
    growl (1.0.3)
    guard (1.4.0)
      listen (>= 0.4.2)
      thor (>= 0.14.6)
    guard-rspec (0.7.3)
      guard (>= 0.10.0)
    guard-sass (1.0.0)
      guard (>= 1.1.0)
      sass (>= 3.1)
    listen (0.5.3)
    mustache (0.99.4)
    posix-spawn (0.3.6)
    pygments.rb (0.3.3)
      posix-spawn (~> 0.3.6)
      yajl-ruby (~> 1.1.0)
    rake (10.0.3)
    rb-fsevent (0.9.2)
    redcarpet (2.2.2)
    rr (1.0.4)
    rspec (2.11.0)
      rspec-core (~> 2.11.0)
      rspec-expectations (~> 2.11.0)
      rspec-mocks (~> 2.11.0)
    rspec-core (2.11.1)
    rspec-expectations (2.11.3)
      diff-lcs (~> 1.1.3)
    rspec-mocks (2.11.3)
    sass (3.2.1)
    terminal-notifier-guard (1.5.3)
    thor (0.16.0)
    yajl-ruby (1.1.0)

PLATFORMS
  ruby

DEPENDENCIES
  growl (~> 1.0.1)
  guard-rocco!
  guard-rspec (~> 0.7.0)
  guard-sass (~> 1.0.0)
  papyrus!
  rake (~> 10.0.3)
  rb-fsevent (~> 0.9.1)
  redcarpet (~> 2.2.2)
  rocco!
  rr (~> 1.0.4)
  rspec (~> 2.11.0)
  terminal-notifier-guard (~> 1.5.3)
