PATH
  remote: .
  specs:
    papyrus (0.1.0)

GEM
  remote: http://rubygems.org/
  specs:
    diff-lcs (1.1.3)
    growl (1.0.3)
    guard (1.4.0)
      listen (>= 0.4.2)
      thor (>= 0.14.6)
    guard-rspec (0.7.3)
      guard (>= 0.10.0)
    listen (0.5.3)
    rb-fsevent (0.9.2)
    rr (1.0.4)
    rspec (2.11.0)
      rspec-core (~> 2.11.0)
      rspec-expectations (~> 2.11.0)
      rspec-mocks (~> 2.11.0)
    rspec-core (2.11.1)
    rspec-expectations (2.11.3)
      diff-lcs (~> 1.1.3)
    rspec-mocks (2.11.3)
    terminal-notifier-guard (1.5.3)
    thor (0.16.0)

PLATFORMS
  ruby

DEPENDENCIES
  growl (~> 1.0.1)
  guard-rspec (~> 0.7.0)
  papyrus!
  rb-fsevent (~> 0.9.1)
  rr (~> 1.0.4)
  rspec (~> 2.11.0)
  terminal-notifier-guard
